GEM
  remote: https://rubygems.org/
  specs:
    addressable (2.7.0)
      public_suffix (>= 2.0.2, < 5.0)
    childprocess (2.0.0)
      rake (< 13.0)
    declarative (0.0.10)
    declarative-option (0.1.0)
    dotenv (2.7.5)
    faraday (0.16.1)
      multipart-post (>= 1.2, < 3)
    google-api-client (0.30.10)
      addressable (~> 2.5, >= 2.5.1)
      googleauth (>= 0.5, < 0.10.0)
      httpclient (>= 2.8.1, < 3.0)
      mini_mime (~> 1.0)
      representable (~> 3.0)
      retriable (>= 2.0, < 4.0)
      signet (~> 0.10)
    google_drive (3.0.3)
      google-api-client (>= 0.11.0, < 0.31.0)
      googleauth (>= 0.5.0, < 1.0.0)
      nokogiri (>= 1.5.3, < 2.0.0)
    googleauth (0.9.0)
      faraday (~> 0.12)
      jwt (>= 1.4, < 3.0)
      memoist (~> 0.16)
      multi_json (~> 1.11)
      os (>= 0.9, < 2.0)
      signet (~> 0.7)
    httpclient (2.8.3)
    jwt (2.2.1)
    memoist (0.16.0)
    mini_mime (1.0.2)
    mini_portile2 (2.4.0)
    multi_json (1.13.1)
    multipart-post (2.1.1)
    nokogiri (1.10.9)
      mini_portile2 (~> 2.4.0)
    os (1.0.1)
    public_suffix (4.0.1)
    rake (12.3.3)
    representable (3.0.4)
      declarative (< 0.1.0)
      declarative-option (< 0.2.0)
      uber (< 0.2.0)
    retriable (3.1.2)
    rubyzip (1.3.0)
    selenium-webdriver (3.142.4)
      childprocess (>= 0.5, < 3.0)
      rubyzip (~> 1.2, >= 1.2.2)
    signet (0.11.0)
      addressable (~> 2.3)
      faraday (~> 0.9)
      jwt (>= 1.5, < 3.0)
      multi_json (~> 1.10)
    uber (0.1.0)

PLATFORMS
  ruby

DEPENDENCIES
  dotenv
  google_drive
  selenium-webdriver

BUNDLED WITH
   1.16.1
